NUGET
  remote: https://api.nuget.org/v3/index.json
    FParsec (1.1.1)
      FSharp.Core (>= 4.3.4) - restriction: || (>= net45) (>= netstandard2.0)
      System.ValueTuple (>= 4.4) - restriction: >= net45
    FSharp.Core (5.0)
    FsUnit.xUnit (4.0.1)
      FSharp.Core (>= 4.3.4) - restriction: >= netstandard2.0
      NETStandard.Library (>= 2.0.3) - restriction: >= netstandard2.0
      NHamcrest (>= 2.0.1 < 2.1) - restriction: >= netstandard2.0
      xunit (>= 2.4.1 < 2.5) - restriction: >= netstandard2.0
    Microsoft.CodeCoverage (16.8) - restriction: || (>= net45) (>= netcoreapp2.1)
    Microsoft.NET.Test.Sdk (16.7.1)
      Microsoft.CodeCoverage (>= 16.7.1) - restriction: || (>= net45) (>= netcoreapp2.1)
      Microsoft.TestPlatform.TestHost (>= 16.7.1) - restriction: >= netcoreapp2.1
      Newtonsoft.Json (>= 9.0.1) - restriction: >= uap10.0
      System.ComponentModel.Primitives (>= 4.1) - restriction: >= uap10.0
      System.ComponentModel.TypeConverter (>= 4.1) - restriction: >= uap10.0
      System.Runtime.InteropServices.RuntimeInformation (>= 4.0) - restriction: >= uap10.0
    Microsoft.NETCore.Platforms (5.0) - restriction: || (&& (>= net45) (< netstandard1.3) (>= netstandard2.0)) (&& (< net45) (>= netstandard2.0)) (&& (>= net46) (< netstandard1.4) (>= netstandard2.0)) (&& (>= net461) (>= netstandard2.0)) (>= netcoreapp2.0) (&& (< netstandard1.0) (>= netstandard2.0) (< portable-net45+win8)) (&& (< netstandard1.0) (>= netstandard2.0) (>= win8)) (&& (< netstandard1.0) (>= netstandard2.0) (< win8)) (&& (< netstandard1.3) (>= netstandard2.0) (< win8) (>= wpa81)) (&& (< netstandard1.5) (>= netstandard2.0) (>= uap10.0)) (&& (>= netstandard2.0) (< portable-net45+win8+wpa81)) (&& (>= netstandard2.0) (>= uap10.1)) (&& (>= netstandard2.0) (>= wp8))
    Microsoft.TestPlatform.ObjectModel (16.8) - restriction: >= netcoreapp2.1
      NuGet.Frameworks (>= 5.0) - restriction: || (>= net451) (>= netstandard2.0)
    Microsoft.TestPlatform.TestHost (16.8) - restriction: >= netcoreapp2.1
      Microsoft.TestPlatform.ObjectModel (>= 16.8) - restriction: || (>= netcoreapp2.1) (>= uap10.0)
      Newtonsoft.Json (>= 9.0.1) - restriction: || (>= netcoreapp2.1) (>= uap10.0)
    Netezos.Forge (1.0.1)
      Netezos.Rpc (>= 1.1.1) - restriction: >= netstandard2.0
      Newtonsoft.Json (>= 12.0.2) - restriction: >= netstandard2.0
    Netezos.Rpc (1.1.2) - restriction: >= netstandard2.0
      Newtonsoft.Json (>= 12.0.2) - restriction: >= netstandard2.0
    NETStandard.Library (2.0.3) - restriction: >= netstandard2.0
      Microsoft.NETCore.Platforms (>= 1.1) - restriction: || (&& (>= net45) (< netstandard1.3)) (&& (< net45) (>= netstandard1.1) (< netstandard1.2) (< win8)) (&& (< net45) (>= netstandard1.2) (< netstandard1.3) (< win8) (< wpa81)) (&& (< net45) (>= netstandard1.3) (< netstandard1.4) (< win8) (< wpa81)) (&& (< net45) (>= netstandard1.4) (< netstandard1.5) (< win8) (< wpa81)) (&& (< net45) (>= netstandard1.5) (< netstandard1.6) (< win8) (< wpa81)) (&& (< net45) (>= netstandard1.6) (< netstandard2.0) (< win8) (< wpa81)) (&& (< net45) (>= netstandard2.0)) (&& (>= net46) (< netstandard1.4)) (>= net461) (>= netcoreapp2.0) (&& (>= netstandard1.0) (< portable-net45+win8+wpa81)) (&& (< netstandard1.0) (>= portable-net45+win8) (< win8)) (&& (< netstandard1.0) (< portable-net45+win8) (>= portable-net45+win8+wpa81)) (&& (< netstandard1.0) (>= portable-net45+win8+wp8+wpa81) (< portable-net45+win8+wpa81)) (&& (< netstandard1.0) (>= win8)) (&& (< netstandard1.3) (< win8) (>= wpa81)) (&& (< netstandard1.5) (>= uap10.0)) (>= uap10.1) (>= wp8)
    Newtonsoft.Json (12.0.3) - restriction: || (>= netstandard2.0) (>= uap10.0)
    NHamcrest (2.0.1) - restriction: >= netstandard2.0
      NETStandard.Library (>= 1.6.1) - restriction: && (< net451) (>= netstandard1.5)
    NuGet.Frameworks (5.8) - restriction: >= netcoreapp2.1
    System.ComponentModel.Primitives (4.3) - restriction: >= uap10.0
    System.ComponentModel.TypeConverter (4.3) - restriction: >= uap10.0
      System.ComponentModel.Primitives (>= 4.3) - restriction: || (&& (< monoandroid) (< monotouch) (< net45) (>= netstandard1.5) (< win8) (< xamarinios) (< xamarinmac) (< xamarintvos) (< xamarinwatchos)) (&& (< monoandroid) (< net45) (>= netstandard1.0) (< netstandard1.5) (< win8)) (&& (>= net45) (< netstandard1.5)) (>= net462) (&& (< netstandard1.0) (>= win8)) (>= wp8) (>= wpa81)
    System.Runtime.InteropServices.RuntimeInformation (4.3) - restriction: >= uap10.0
    System.ValueTuple (4.5) - restriction: >= net45
    xunit (2.4.1) - restriction: >= netstandard2.0
      xunit.analyzers (>= 0.10)
      xunit.assert (2.4.1)
      xunit.core (2.4.1)
    xunit.abstractions (2.0.3) - restriction: >= netstandard2.0
    xunit.analyzers (0.10) - restriction: >= netstandard2.0
    xunit.assert (2.4.1) - restriction: >= netstandard2.0
      NETStandard.Library (>= 1.6.1) - restriction: && (< net452) (>= netstandard1.1)
    xunit.core (2.4.1) - restriction: >= netstandard2.0
      xunit.extensibility.core (2.4.1)
      xunit.extensibility.execution (2.4.1)
    xunit.extensibility.core (2.4.1) - restriction: >= netstandard2.0
      NETStandard.Library (>= 1.6.1) - restriction: && (< net452) (>= netstandard1.1)
      xunit.abstractions (>= 2.0.3) - restriction: >= netstandard1.1
    xunit.extensibility.execution (2.4.1) - restriction: >= netstandard2.0
      NETStandard.Library (>= 1.6.1) - restriction: && (< net452) (>= netstandard1.1)
      xunit.extensibility.core (2.4.1) - restriction: >= netstandard1.1
    xunit.runner.visualstudio (2.4.3)
